GEM
  remote: http://rubygems.org/
  specs:
    andand (1.3.1)
    bacon (1.1.0)
    bio (1.4.1)
    git (1.2.5)
    jeweler (1.5.2)
      bundler (~> 1.0.0)
      git (>= 1.2.5)
      rake
    ms-core (0.0.14)
      bio (>= 1.4.1)
    narray (0.5.9.9)
    nokogiri (1.4.4)
    rake (0.8.7)
    rcov (0.9.9)
    spec-more (0.0.4)
      bacon

PLATFORMS
  ruby

DEPENDENCIES
  andand
  bundler (~> 1.0.0)
  jeweler (~> 1.5.2)
  ms-core (>= 0.0.9)
  narray
  nokogiri
  rcov
  spec-more (>= 0.0.4)
